PATH
  remote: .
  specs:
    s3 (0.3.24)
      proxies (~> 0.2.0)

GEM
  remote: http://rubygems.org/
  specs:
    metaclass (0.0.4)
    mocha (1.2.1)
      metaclass (~> 0.0.1)
    power_assert (0.3.1)
    proxies (0.2.1)
    rake (11.3.0)
    test-unit (3.2.1)
      power_assert

PLATFORMS
  ruby

DEPENDENCIES
  bundler
  mocha
  rake
  s3!
  test-unit

BUNDLED WITH
   1.12.5
